PATH
  remote: .
  specs:
    rbvmomi (1.5.0)
      builder
      nokogiri
      trollop

GEM
  remote: http://rubygems.org/
  specs:
    builder (3.0.0)
    multi_json (1.0.4)
    nokogiri (1.5.0)
    simplecov (0.5.4)
      multi_json (~> 1.0.3)
      simplecov-html (~> 0.5.3)
    simplecov-html (0.5.3)
    trollop (1.16.2)
    yard (0.7.5)

PLATFORMS
  ruby

DEPENDENCIES
  rbvmomi!
  simplecov
  yard
